GEM
  remote: https://rubygems.org/
  specs:
    ffi (1.16.3)
    json (2.6.3)
    redcarpet (3.6.0)
    sassc (2.4.0)
      ffi (~> 1.9)

PLATFORMS
  x86_64-linux

DEPENDENCIES
  json
  redcarpet
  sassc

BUNDLED WITH
   2.3.5
